GIT
  remote: https://github.com/stympy/faker.git
  revision: 12dbcda73d5da82ad8e564099278e9019e16b9be
  branch: master
  specs:
    faker (1.9.1)
      i18n (>= 0.7)

GEM
  remote: https://rubygems.org/
  specs:
    addressable (2.5.2)
      public_suffix (>= 2.0.2, < 4.0)
    concurrent-ruby (1.0.5)
    faraday (0.15.2)
      multipart-post (>= 1.2, < 3)
    httparty (0.16.2)
      multi_xml (>= 0.5.2)
    i18n (1.0.1)
      concurrent-ruby (~> 1.0)
    json-schema (2.8.0)
      addressable (>= 2.4)
    jwt (2.1.0)
    mini_portile2 (2.3.0)
    multi_xml (0.6.0)
    multipart-post (2.0.0)
    murmurhash3 (0.1.6)
    mustermann (1.0.2)
    nokogiri (1.8.4)
      mini_portile2 (~> 2.3.0)
    optimizely-sdk (2.1.0)
      httparty (~> 0.11)
      json-schema (~> 2.6)
      murmurhash3 (~> 0.1)
    public_suffix (3.0.2)
    rack (2.0.5)
    rack-protection (2.0.3)
      rack
    sinatra (2.0.3)
      mustermann (~> 1.0)
      rack (~> 2.0)
      rack-protection (= 2.0.3)
      tilt (~> 2.0)
    tilt (2.0.8)
    twilio-ruby (5.6.4)
      faraday (~> 0.9)
      jwt (>= 1.5, <= 2.5)
      nokogiri (>= 1.6, < 2.0)

PLATFORMS
  ruby

DEPENDENCIES
  faker!
  httparty
  optimizely-sdk
  sinatra
  twilio-ruby (~> 5.6.3)

BUNDLED WITH
   1.16.3
